GIT
  remote: git://github.com/hhff/spree_ams.git
  revision: 0c99206bb855d8b41ddf019edce85a17d09078ea
  branch: 3-0-alpha
  specs:
    spree_ams (3.0.0)
      active_model_serializers (~> 0.8.2)
      apitome
      spree_api
      spree_core (~> 3.0.0)

GIT
  remote: git://github.com/romul/spree_address_book.git
  revision: 308f5e6739e051de2ae0b8424c3a19a119e8fbff
  branch: 3-0-stable
  specs:
    spree_address_book (3.0.0)
      spree_auth_devise
      spree_core (~> 3.0.0.rc)

GIT
  remote: git://github.com/spree-contrib/spree_mail_settings.git
  revision: 99af7e4a137ac76fe4e93b1c8e5a38d81583904c
  branch: 3-0-stable
  specs:
    spree_mail_settings (2.2.0)
      spree_backend (~> 3.0.0)

GIT
  remote: git://github.com/spree-contrib/spree_reviews.git
  revision: 664ed28313dca469ee39e7ca6ba9a6ac0df0d4eb
  branch: 3-0-stable
  specs:
    spree_reviews (3.0.0.beta)
      spree_core (~> 3.0.0)

GIT
  remote: git://github.com/spree/spree.git
  revision: a275c9db4f0c44907c67b64bd6de98d9dbfcb8d7
  branch: 3-0-stable
  specs:
    spree (3.0.5.beta)
      spree_api (= 3.0.5.beta)
      spree_backend (= 3.0.5.beta)
      spree_cmd (= 3.0.5.beta)
      spree_core (= 3.0.5.beta)
      spree_frontend (= 3.0.5.beta)
      spree_sample (= 3.0.5.beta)
    spree_api (3.0.5.beta)
      rabl (~> 0.11.6)
      spree_core (= 3.0.5.beta)
      versioncake (~> 2.3.1)
    spree_backend (3.0.5.beta)
      bootstrap-sass (~> 3.3.1)
      jquery-rails (~> 4.0.3)
      jquery-ui-rails (~> 5.0.0)
      select2-rails (= 3.5.9.1)
      spree_api (= 3.0.5.beta)
      spree_core (= 3.0.5.beta)
      sprockets-rails (~> 2.2)
    spree_cmd (3.0.5.beta)
      thor (~> 0.14)
    spree_core (3.0.5.beta)
      activemerchant (~> 1.47.0)
      acts_as_list (~> 0.6)
      awesome_nested_set (~> 3.0.1)
      cancancan (~> 1.10.1)
      carmen (~> 1.0.0)
      deface (~> 1.0.0)
      ffaker (~> 1.16)
      font-awesome-rails (~> 4.0)
      friendly_id (~> 5.1.0)
      highline (~> 1.6.18)
      json (~> 1.7)
      kaminari (~> 0.15, >= 0.15.1)
      monetize (~> 1.1)
      paperclip (~> 4.2.0)
      paranoia (~> 2.1.0)
      premailer-rails
      rails (~> 4.2.2)
      ransack (~> 1.4.1)
      responders
      state_machines-activerecord (~> 0.2)
      stringex
      truncate_html (= 0.9.2)
      twitter_cldr (~> 3.0)
    spree_frontend (3.0.5.beta)
      bootstrap-sass (~> 3.3.1)
      canonical-rails (~> 0.0.4)
      jquery-rails (~> 4.0.3)
      spree_api (= 3.0.5.beta)
      spree_core (= 3.0.5.beta)
      sprockets-rails (~> 2.2)
    spree_sample (3.0.5.beta)
      spree_core (= 3.0.5.beta)

GIT
  remote: git://github.com/spree/spree_auth_devise.git
  revision: 7b24ad16239367dc15f96a80cc2a954a822cc6af
  branch: 3-0-stable
  specs:
    spree_auth_devise (3.0.0)
      devise (~> 3.4.1)
      devise-encryptable (= 0.1.2)
      json
      multi_json
      spree_core (~> 3.0.0)

GIT
  remote: git://github.com/spree/spree_gateway.git
  revision: 7301dc7c84c05b46427bf5003eda13ca64a48d7c
  branch: 3-0-stable
  specs:
    spree_gateway (3.0.0.beta)
      spree_core (~> 3.0.0)

GEM
  remote: https://rubygems.org/
  specs:
    actionmailer (4.2.4)
      actionpack (= 4.2.4)
      actionview (= 4.2.4)
      activejob (= 4.2.4)
      mail (~> 2.5, >= 2.5.4)
      rails-dom-testing (~> 1.0, >= 1.0.5)
    actionpack (4.2.4)
      actionview (= 4.2.4)
      activesupport (= 4.2.4)
      rack (~> 1.6)
      rack-test (~> 0.6.2)
      rails-dom-testing (~> 1.0, >= 1.0.5)
      rails-html-sanitizer (~> 1.0, >= 1.0.2)
    actionview (4.2.4)
      activesupport (= 4.2.4)
      builder (~> 3.1)
      erubis (~> 2.7.0)
      rails-dom-testing (~> 1.0, >= 1.0.5)
      rails-html-sanitizer (~> 1.0, >= 1.0.2)
    active_model_serializers (0.8.3)
      activemodel (>= 3.0)
    activejob (4.2.4)
      activesupport (= 4.2.4)
      globalid (>= 0.3.0)
    activemerchant (1.47.0)
      activesupport (>= 3.2.14, < 5.0.0)
      builder (>= 2.1.2, < 4.0.0)
      i18n (>= 0.6.9)
      nokogiri (~> 1.4)
    activemodel (4.2.4)
      activesupport (= 4.2.4)
      builder (~> 3.1)
    activerecord (4.2.4)
      activemodel (= 4.2.4)
      activesupport (= 4.2.4)
      arel (~> 6.0)
    activesupport (4.2.4)
      i18n (~> 0.7)
      json (~> 1.7, >= 1.7.7)
      minitest (~> 5.1)
      thread_safe (~> 0.3, >= 0.3.4)
      tzinfo (~> 1.1)
    acts_as_list (0.7.2)
      activerecord (>= 3.0)
    addressable (2.3.8)
    ansi (1.5.0)
    apitome (0.1.0)
      kramdown
      railties
      rspec_api_documentation
    arel (6.0.3)
    autoprefixer-rails (6.0.3)
      execjs
      json
    awesome_nested_set (3.0.2)
      activerecord (>= 4.0.0, < 5)
    aws-sdk (1.27.0)
      json (~> 1.4)
      nokogiri (>= 1.4.4)
      uuidtools (~> 2.1)
    bcrypt (3.1.10)
    better_errors (2.0.0)
      coderay (>= 1.0.0)
      erubis (>= 2.6.6)
      rack (>= 0.9.0)
    binding_of_caller (0.7.2)
      debug_inspector (>= 0.0.1)
    bootstrap-sass (3.3.5.1)
      autoprefixer-rails (>= 5.0.0.1)
      sass (>= 3.3.0)
    builder (3.2.2)
    bullet (4.14.7)
      activesupport (>= 3.0.0)
      uniform_notifier (~> 1.9.0)
    byebug (5.0.0)
      columnize (= 0.9.0)
    camertron-eprun (1.1.0)
    cancancan (1.10.1)
    canonical-rails (0.0.11)
      rails (>= 3.1, < 5.0)
    capistrano (3.2.1)
      i18n
      rake (>= 10.0.0)
      sshkit (~> 1.3)
    capistrano-bundler (1.1.4)
      capistrano (~> 3.1)
      sshkit (~> 1.2)
    capistrano-rails (1.1.3)
      capistrano (~> 3.1)
      capistrano-bundler (~> 1.1)
    carmen (1.0.2)
      activesupport (>= 3.0.0)
    chewy (0.8.3)
      activesupport (>= 3.2)
      elasticsearch (>= 1.0.0)
    cldr-plurals-runtime-rb (1.0.0)
    climate_control (0.0.3)
      activesupport (>= 3.0)
    cocaine (0.5.7)
      climate_control (>= 0.0.3, < 1.0)
    coderay (1.1.0)
    coffee-rails (4.1.0)
      coffee-script (>= 2.2.0)
      railties (>= 4.0.0, < 5.0)
    coffee-script (2.4.1)
      coffee-script-source
      execjs
    coffee-script-source (1.9.1.1)
    colorize (0.7.7)
    columnize (0.9.0)
    css_parser (1.3.7)
      addressable
    daemons (1.2.4)
    debug_inspector (0.0.2)
    deface (1.0.1)
      colorize (>= 0.5.8)
      nokogiri (~> 1.6.0)
      polyglot
      rails (>= 3.1)
    delayed_job (4.1.2)
      activesupport (>= 3.0, < 5.1)
    delayed_job_active_record (4.1.1)
      activerecord (>= 3.0, < 5.1)
      delayed_job (>= 3.0, < 5)
    devise (3.4.1)
      bcrypt (~> 3.0)
      orm_adapter (~> 0.1)
      railties (>= 3.2.6, < 5)
      responders
      thread_safe (~> 0.1)
      warden (~> 1.2.3)
    devise-encryptable (0.1.2)
      devise (>= 2.1.0)
    diff-lcs (1.2.5)
    docile (1.1.5)
    elasticsearch (1.0.15)
      elasticsearch-api (= 1.0.15)
      elasticsearch-transport (= 1.0.15)
    elasticsearch-api (1.0.15)
      multi_json
    elasticsearch-transport (1.0.15)
      faraday
      multi_json
    erubis (2.7.0)
    execjs (2.6.0)
    factory_girl (4.4.0)
      activesupport (>= 3.0.0)
    factory_girl_rails (4.4.1)
      factory_girl (~> 4.4.0)
      railties (>= 3.0.0)
    faraday (0.9.2)
      multipart-post (>= 1.2, < 3)
    ffaker (1.32.1)
    font-awesome-rails (4.4.0.0)
      railties (>= 3.2, < 5.0)
    friendly_id (5.1.0)
      activerecord (>= 4.0.0)
    globalid (0.3.6)
      activesupport (>= 4.1.0)
    highline (1.6.21)
    htmlentities (4.3.4)
    i18n (0.7.0)
    jquery-rails (4.0.5)
      rails-dom-testing (~> 1.0)
      railties (>= 4.2.0)
      thor (>= 0.14, < 2.0)
    jquery-ui-rails (5.0.5)
      railties (>= 3.2.16)
    json (1.8.3)
    kaminari (0.16.3)
      actionpack (>= 3.0.0)
      activesupport (>= 3.0.0)
    kramdown (1.9.0)
    libv8 (3.16.14.11)
    loofah (2.0.3)
      nokogiri (>= 1.5.9)
    mail (2.6.3)
      mime-types (>= 1.16, < 3)
    mime-types (2.6.2)
    mini_portile (0.6.2)
    minitest (5.8.1)
    monetize (1.3.1)
      money (~> 6.6)
    money (6.6.1)
      i18n (>= 0.6.4, <= 0.7.0)
    multi_json (1.11.2)
    multipart-post (2.0.0)
    mustache (0.99.8)
    mysql2 (0.3.20)
    net-http-persistent (2.9.4)
    net-scp (1.2.1)
      net-ssh (>= 2.6.5)
    net-ssh (3.0.1)
    nokogiri (1.6.6.2)
      mini_portile (~> 0.6.0)
    orm_adapter (0.5.0)
    paperclip (4.2.4)
      activemodel (>= 3.2.0)
      activesupport (>= 3.2.0)
      cocaine (~> 0.5.5)
      mime-types
    paranoia (2.1.3)
      activerecord (~> 4.0)
    pg (0.18.3)
    polyamorous (1.2.0)
      activerecord (>= 3.0)
    polyglot (0.3.5)
    premailer (1.8.6)
      css_parser (>= 1.3.6)
      htmlentities (>= 4.0.0)
    premailer-rails (1.8.2)
      actionmailer (>= 3, < 5)
      premailer (~> 1.7, >= 1.7.9)
    quiet_assets (1.1.0)
      railties (>= 3.1, < 5.0)
    rabl (0.11.6)
      activesupport (>= 2.3.14)
    rack (1.6.4)
    rack-test (0.6.3)
      rack (>= 1.0)
    rails (4.2.4)
      actionmailer (= 4.2.4)
      actionpack (= 4.2.4)
      actionview (= 4.2.4)
      activejob (= 4.2.4)
      activemodel (= 4.2.4)
      activerecord (= 4.2.4)
      activesupport (= 4.2.4)
      bundler (>= 1.3.0, < 2.0)
      railties (= 4.2.4)
      sprockets-rails
    rails-deprecated_sanitizer (1.0.3)
      activesupport (>= 4.2.0.alpha)
    rails-dom-testing (1.0.7)
      activesupport (>= 4.2.0.beta, < 5.0)
      nokogiri (~> 1.6.0)
      rails-deprecated_sanitizer (>= 1.0.1)
    rails-html-sanitizer (1.0.2)
      loofah (~> 2.0)
    rails_12factor (0.0.3)
      rails_serve_static_assets
      rails_stdout_logging
    rails_serve_static_assets (0.0.4)
    rails_stdout_logging (0.0.4)
    railties (4.2.4)
      actionpack (= 4.2.4)
      activesupport (= 4.2.4)
      rake (>= 0.8.7)
      thor (>= 0.18.1, < 2.0)
    rake (10.4.2)
    ransack (1.4.1)
      actionpack (>= 3.0)
      activerecord (>= 3.0)
      activesupport (>= 3.0)
      i18n
      polyamorous (~> 1.1)
    ref (2.0.0)
    responders (2.1.0)
      railties (>= 4.2.0, < 5)
    rpush (2.7.0)
      activesupport
      ansi
      multi_json (~> 1.0)
      net-http-persistent
      railties
      thor (>= 0.18.1, < 2.0)
    rspec (3.1.0)
      rspec-core (~> 3.1.0)
      rspec-expectations (~> 3.1.0)
      rspec-mocks (~> 3.1.0)
    rspec-activemodel-mocks (1.0.2)
      activemodel (>= 3.0)
      activesupport (>= 3.0)
      rspec-mocks (>= 2.99, < 4.0)
    rspec-core (3.1.7)
      rspec-support (~> 3.1.0)
    rspec-expectations (3.1.2)
      diff-lcs (>= 1.2.0, < 2.0)
      rspec-support (~> 3.1.0)
    rspec-mocks (3.1.3)
      rspec-support (~> 3.1.0)
    rspec-rails (3.1.0)
      actionpack (>= 3.0)
      activesupport (>= 3.0)
      railties (>= 3.0)
      rspec-core (~> 3.1.0)
      rspec-expectations (~> 3.1.0)
      rspec-mocks (~> 3.1.0)
      rspec-support (~> 3.1.0)
    rspec-support (3.1.2)
    rspec_api_documentation (4.5.0)
      activesupport (>= 3.0.0)
      json (~> 1.4, >= 1.4.6)
      mustache (~> 0.99, >= 0.99.4)
      rspec (>= 3.0.0)
    sass (3.4.18)
    sass-rails (5.0.4)
      railties (>= 4.0.0, < 5.0)
      sass (~> 3.1)
      sprockets (>= 2.8, < 4.0)
      sprockets-rails (>= 2.0, < 4.0)
      tilt (>= 1.1, < 3)
    select2-rails (3.5.9.1)
      thor (~> 0.14)
    shoulda-callback-matchers (1.1.3)
      activesupport (>= 3)
    shoulda-matchers (2.8.0)
      activesupport (>= 3.0.0)
    simplecov (0.9.2)
      docile (~> 1.1.0)
      multi_json (~> 1.0)
      simplecov-html (~> 0.9.0)
    simplecov-html (0.9.0)
    sprockets (3.4.0)
      rack (> 1, < 3)
    sprockets-rails (2.3.3)
      actionpack (>= 3.0)
      activesupport (>= 3.0)
      sprockets (>= 2.8, < 4.0)
    sshkit (1.7.1)
      colorize (>= 0.7.0)
      net-scp (>= 1.1.2)
      net-ssh (>= 2.8.0)
    state_machines (0.4.0)
    state_machines-activemodel (0.3.0)
      activemodel (~> 4.1)
      state_machines (>= 0.4.0)
    state_machines-activerecord (0.3.0)
      activerecord (~> 4.1)
      state_machines-activemodel (>= 0.3.0)
    stringex (2.5.2)
    therubyracer (0.12.2)
      libv8 (~> 3.16.14.0)
      ref
    thor (0.19.1)
    thread_safe (0.3.5)
    tilt (2.0.1)
    truncate_html (0.9.2)
    twitter_cldr (3.2.1)
      camertron-eprun
      cldr-plurals-runtime-rb (~> 1.0.0)
      json
      tzinfo
    tzinfo (1.2.2)
      thread_safe (~> 0.1)
    uglifier (2.7.2)
      execjs (>= 0.3.0)
      json (>= 1.8.0)
    uniform_notifier (1.9.0)
    uuidtools (2.1.5)
    versioncake (2.3.1)
      actionpack (>= 3.2)
      activesupport (>= 3.2)
      railties (>= 3.2)
      tzinfo
    warden (1.2.3)
      rack (>= 1.0)
    web-console (2.2.1)
      activemodel (>= 4.0)
      binding_of_caller (>= 0.7.2)
      railties (>= 4.0)
      sprockets-rails (>= 2.0, < 4.0)

PLATFORMS
  ruby

DEPENDENCIES
  aws-sdk (< 2.0)
  better_errors (~> 2.0.0)
  binding_of_caller (~> 0.7.2)
  bullet (~> 4.14.7)
  byebug (~> 5.0.0)
  capistrano (~> 3.2.1)
  capistrano-bundler (~> 1.1.4)
  capistrano-rails (~> 1.1.3)
  chewy (~> 0.8.3)
  coffee-rails (~> 4.1.0)
  daemons
  delayed_job
  delayed_job_active_record
  factory_girl_rails (~> 4.4.1)
  jquery-rails (~> 4.0.3)
  jquery-ui-rails (~> 5.0.3)
  mysql2 (~> 0.3.18)
  paperclip (~> 4.2.4)
  pg (~> 0.18.3)
  quiet_assets (~> 1.1.0)
  rails (= 4.2.4)
  rails_12factor (~> 0.0.3)
  rpush (~> 2.7.0)
  rspec-activemodel-mocks (~> 1.0.1)
  rspec-rails (~> 3.1.0)
  sass-rails (~> 5.0)
  shoulda-callback-matchers (~> 1.1.3)
  shoulda-matchers (~> 2.8.0)
  simplecov (~> 0.9.2)
  spree!
  spree_address_book!
  spree_ams!
  spree_auth_devise!
  spree_gateway!
  spree_mail_settings!
  spree_reviews!
  therubyracer (~> 0.12.1)
  uglifier (~> 2.7)
  web-console (~> 2.0)

BUNDLED WITH
   1.12.5
